BrainVision Data Exchange Header File Version 1.0
; Data created by the BrainVision Recorder

[Common Infos]
Codepage=UTF-8
DataFile=108 REST.eeg
MarkerFile=108 REST.vmrk
DataFormat=BINARY
; Data orientation: MULTIPLEXED=ch1,pt1, ch2,pt1 ...
DataOrientation=MULTIPLEXED
NumberOfChannels=63
; Sampling interval in microseconds
SamplingInterval=1000

[Binary Infos]
BinaryFormat=IEEE_FLOAT_32

[Channel Infos]
; Each entry: Ch<Channel number>=<Name>,<Reference channel name>,
; <Resolution in "Unit">,<Unit>, Future extensions..
; Fields are delimited by commas, some fields might be omitted (empty).
; Commas in channel names are coded as "\1".
Ch1=Fp1,,0.0488281,µV
Ch2=F3,,0.0488281,µV
Ch3=F7,,0.0488281,µV
Ch4=F9,,0.0488281,µV
Ch5=FC5,,0.0488281,µV
Ch6=FC1,,0.0488281,µV
Ch7=C3,,0.0488281,µV
Ch8=T7,,0.0488281,µV
Ch9=CP5,,0.0488281,µV
Ch10=CP1,,0.0488281,µV
Ch11=Pz,,0.0488281,µV
Ch12=P3,,0.0488281,µV
Ch13=P7,,0.0488281,µV
Ch14=P9,,0.0488281,µV
Ch15=O1,,0.0488281,µV
Ch16=Oz,,0.0488281,µV
Ch17=O2,,0.0488281,µV
Ch18=P10,,0.0488281,µV
Ch19=P8,,0.0488281,µV
Ch20=P4,,0.0488281,µV
Ch21=CP2,,0.0488281,µV
Ch22=CP6,,0.0488281,µV
Ch23=T8,,0.0488281,µV
Ch24=C4,,0.0488281,µV
Ch25=Cz,,0.0488281,µV
Ch26=FC2,,0.0488281,µV
Ch27=FC6,,0.0488281,µV
Ch28=F10,,0.0488281,µV
Ch29=F8,,0.0488281,µV
Ch30=F4,,0.0488281,µV
Ch31=Fp2,,0.0488281,µV
Ch32=AF7,,0.0488281,µV
Ch33=AF3,,0.0488281,µV
Ch34=AFz,,0.0488281,µV
Ch35=F1,,0.0488281,µV
Ch36=F5,,0.0488281,µV
Ch37=FT7,,0.0488281,µV
Ch38=FC3,,0.0488281,µV
Ch39=C1,,0.0488281,µV
Ch40=C5,,0.0488281,µV
Ch41=TP7,,0.0488281,µV
Ch42=CP3,,0.0488281,µV
Ch43=P1,,0.0488281,µV
Ch44=P5,,0.0488281,µV
Ch45=PO7,,0.0488281,µV
Ch46=PO3,,0.0488281,µV
Ch47=FCz,,0.0488281,µV
Ch48=POz,,0.0488281,µV
Ch49=PO4,,0.0488281,µV
Ch50=PO8,,0.0488281,µV
Ch51=P6,,0.0488281,µV
Ch52=P2,,0.0488281,µV
Ch53=CPz,,0.0488281,µV
Ch54=CP4,,0.0488281,µV
Ch55=TP8,,0.0488281,µV
Ch56=C6,,0.0488281,µV
Ch57=C2,,0.0488281,µV
Ch58=FC4,,0.0488281,µV
Ch59=FT8,,0.0488281,µV
Ch60=F6,,0.0488281,µV
Ch61=F2,,0.0488281,µV
Ch62=AF4,,0.0488281,µV
Ch63=AF8,,0.0488281,µV

[Coordinates]
; Electrode Position File: C:\Vision\Workfiles\RNPA-AP-64.bvef
Ch1=1,-90,-72
Ch2=1,-60,-51
Ch3=1,-90,-36
Ch4=1,-113,-36
Ch5=1,-69,-21
Ch6=1,-31,-46
Ch7=1,-45,0
Ch8=1,-90,0
Ch9=1,-69,21
Ch10=1,-31,46
Ch11=1,45,-90
Ch12=1,-60,51
Ch13=1,-90,36
Ch14=1,-113,36
Ch15=1,-90,72
Ch16=1,90,-90
Ch17=1,90,-72
Ch18=1,113,-36
Ch19=1,90,-36
Ch20=1,60,-51
Ch21=1,31,-46
Ch22=1,69,-21
Ch23=1,90,0
Ch24=1,45,0
Ch25=1,0,0
Ch26=1,31,46
Ch27=1,69,21
Ch28=1,113,36
Ch29=1,90,36
Ch30=1,60,51
Ch31=1,90,72
Ch32=1,-90,-54
Ch33=1,-74,-68
Ch34=1,67,90
Ch35=1,-49,-68
Ch36=1,-74,-41
Ch37=1,-90,-18
Ch38=1,-49,-29
Ch39=1,-23,0
Ch40=1,-68,0
Ch41=1,-90,18
Ch42=1,-49,29
Ch43=1,-49,68
Ch44=1,-74,41
Ch45=1,-90,54
Ch46=1,-74,68
Ch47=1,21,90
Ch48=1,67,-90
Ch49=1,74,-68
Ch50=1,90,-54
Ch51=1,74,-41
Ch52=1,49,-68
Ch53=1,22,-90
Ch54=1,49,-29
Ch55=1,90,-18
Ch56=1,68,0
Ch57=1,23,0
Ch58=1,49,29
Ch59=1,90,18
Ch60=1,74,41
Ch61=1,49,68
Ch62=1,74,68
Ch63=1,90,54

[Comment]

BrainVision Recorder Professional   -   V. 1.25.0001


A m p l i f i e r  S e t u p
============================
Number of channels: 63
Sampling Rate [Hz]: 1000
Sampling Interval [µS]: 1000

Channels
--------
#     Name      Phys. Chn.    Resolution / Unit   Low Cutoff [s]   High Cutoff [Hz]   Notch [Hz]    Gradient         Offset
1     Fp1         1          0.0488281 µV             DC              280              Off
2     F3          3          0.0488281 µV             DC              280              Off
3     F7          4          0.0488281 µV             DC              280              Off
4     F9          5          0.0488281 µV             DC              280              Off
5     FC5         6          0.0488281 µV             DC              280              Off
6     FC1         7          0.0488281 µV             DC              280              Off
7     C3          8          0.0488281 µV             DC              280              Off
8     T7          9          0.0488281 µV             DC              280              Off
9     CP5         10         0.0488281 µV             DC              280              Off
10    CP1         11         0.0488281 µV             DC              280              Off
11    Pz          12         0.0488281 µV             DC              280              Off
12    P3          13         0.0488281 µV             DC              280              Off
13    P7          14         0.0488281 µV             DC              280              Off
14    P9          15         0.0488281 µV             DC              280              Off
15    O1          16         0.0488281 µV             DC              280              Off
16    Oz          17         0.0488281 µV             DC              280              Off
17    O2          18         0.0488281 µV             DC              280              Off
18    P10         19         0.0488281 µV             DC              280              Off
19    P8          20         0.0488281 µV             DC              280              Off
20    P4          21         0.0488281 µV             DC              280              Off
21    CP2         22         0.0488281 µV             DC              280              Off
22    CP6         23         0.0488281 µV             DC              280              Off
23    T8          24         0.0488281 µV             DC              280              Off
24    C4          25         0.0488281 µV             DC              280              Off
25    Cz          26         0.0488281 µV             DC              280              Off
26    FC2         27         0.0488281 µV             DC              280              Off
27    FC6         28         0.0488281 µV             DC              280              Off
28    F10         29         0.0488281 µV             DC              280              Off
29    F8          30         0.0488281 µV             DC              280              Off
30    F4          31         0.0488281 µV             DC              280              Off
31    Fp2         32         0.0488281 µV             DC              280              Off
32    AF7         33         0.0488281 µV             DC              280              Off
33    AF3         34         0.0488281 µV             DC              280              Off
34    AFz         35         0.0488281 µV             DC              280              Off
35    F1          36         0.0488281 µV             DC              280              Off
36    F5          37         0.0488281 µV             DC              280              Off
37    FT7         38         0.0488281 µV             DC              280              Off
38    FC3         39         0.0488281 µV             DC              280              Off
39    C1          40         0.0488281 µV             DC              280              Off
40    C5          41         0.0488281 µV             DC              280              Off
41    TP7         42         0.0488281 µV             DC              280              Off
42    CP3         43         0.0488281 µV             DC              280              Off
43    P1          44         0.0488281 µV             DC              280              Off
44    P5          45         0.0488281 µV             DC              280              Off
45    PO7         46         0.0488281 µV             DC              280              Off
46    PO3         47         0.0488281 µV             DC              280              Off
47    FCz         48         0.0488281 µV             DC              280              Off
48    POz         49         0.0488281 µV             DC              280              Off
49    PO4         50         0.0488281 µV             DC              280              Off
50    PO8         51         0.0488281 µV             DC              280              Off
51    P6          52         0.0488281 µV             DC              280              Off
52    P2          53         0.0488281 µV             DC              280              Off
53    CPz         54         0.0488281 µV             DC              280              Off
54    CP4         55         0.0488281 µV             DC              280              Off
55    TP8         56         0.0488281 µV             DC              280              Off
56    C6          57         0.0488281 µV             DC              280              Off
57    C2          58         0.0488281 µV             DC              280              Off
58    FC4         59         0.0488281 µV             DC              280              Off
59    FT8         60         0.0488281 µV             DC              280              Off
60    F6          61         0.0488281 µV             DC              280              Off
61    F2          62         0.0488281 µV             DC              280              Off
62    AF4         63         0.0488281 µV             DC              280              Off
63    AF8         64         0.0488281 µV             DC              280              Off

Reference Channel Name = Fz
Reference Phys. Chn.   = 2
Use active/dry Electrodes = No 
MY-Button Workspace    = C:\Vision\Workfiles\MYButton

Amplifier 
actiCHamp Base Unit (5002) 
  --- S/N 22020742 --- 
actiCHamp 32 CH Module
  --- Module 1 (5011): S/N 22021496 ---
  --- Module 2 (5011): S/N 22021497 ---
Version: DLL_27.18.06.25, DRV_03.04.01.146, CTRL_104.18.06.25, FPGA_67.00.00.00, DSP_105.19.02.27 


S o f t w a r e  F i l t e r s
==============================
Disabled


Data/Gnd Electrodes Selected Impedance Measurement Range: 0 - 500 kOhm
Impedance [kOhm] at 11:12:19 :
Fp1:      not connected
Fz:       not connected
F3:       not connected
F7:       not connected
F9:       not connected
FC5:      not connected
FC1:      not connected
C3:       not connected
T7:       not connected
CP5:      not connected
CP1:      not connected
Pz:       not connected
P3:       not connected
P7:       not connected
P9:       not connected
O1:       not connected
Oz:       not connected
O2:       not connected
P10:      not connected
P8:       not connected
P4:       not connected
CP2:      not connected
CP6:      not connected
T8:       not connected
C4:       not connected
Cz:       not connected
FC2:      not connected
FC6:      not connected
F10:      not connected
F8:       not connected
F4:       not connected
Fp2:      not connected
AF7:      not connected
AF3:      not connected
AFz:      not connected
F1:       not connected
F5:       not connected
FT7:      not connected
FC3:      not connected
C1:       not connected
C5:       not connected
TP7:      not connected
CP3:      not connected
P1:       not connected
P5:       not connected
PO7:      not connected
PO3:      not connected
FCz:      not connected
POz:      not connected
PO4:      not connected
PO8:      not connected
P6:       not connected
P2:       not connected
CPz:      not connected
CP4:      not connected
TP8:      not connected
C6:       not connected
C2:       not connected
FC4:      not connected
FT8:      not connected
F6:       not connected
F2:       not connected
AF4:      not connected
AF8:      not connected
Gnd:      not connected
