BrainVision Data Exchange Header File Version 1.0
; Data created by the BrainVision Recorder

[Common Infos]
Codepage=UTF-8
DataFile=071 REST.eeg
MarkerFile=071 REST.vmrk
DataFormat=BINARY
; Data orientation: MULTIPLEXED=ch1,pt1, ch2,pt1 ...
DataOrientation=MULTIPLEXED
NumberOfChannels=63
; Sampling interval in microseconds
SamplingInterval=2000

[Binary Infos]
BinaryFormat=IEEE_FLOAT_32

[Channel Infos]
; Each entry: Ch<Channel number>=<Name>,<Reference channel name>,
; <Resolution in "Unit">,<Unit>, Future extensions..
; Fields are delimited by commas, some fields might be omitted (empty).
; Commas in channel names are coded as "\1".
Ch1=Fp1,,0.0488281,µV
Ch2=Fz,,0.0488281,µV
Ch3=F3,,0.0488281,µV
Ch4=F7,,0.0488281,µV
Ch5=F9,,0.0488281,µV
Ch6=FC5,,0.0488281,µV
Ch7=FC1,,0.0488281,µV
Ch8=C3,,0.0488281,µV
Ch9=T7,,0.0488281,µV
Ch10=CP5,,0.0488281,µV
Ch11=CP1,,0.0488281,µV
Ch12=Pz,,0.0488281,µV
Ch13=P3,,0.0488281,µV
Ch14=P7,,0.0488281,µV
Ch15=P9,,0.0488281,µV
Ch16=O1,,0.0488281,µV
Ch17=Oz,,0.0488281,µV
Ch18=O2,,0.0488281,µV
Ch19=P10,,0.0488281,µV
Ch20=P8,,0.0488281,µV
Ch21=P4,,0.0488281,µV
Ch22=CP2,,0.0488281,µV
Ch23=CP6,,0.0488281,µV
Ch24=T8,,0.0488281,µV
Ch25=C4,,0.0488281,µV
Ch26=FC2,,0.0488281,µV
Ch27=FC6,,0.0488281,µV
Ch28=F10,,0.0488281,µV
Ch29=F8,,0.0488281,µV
Ch30=F4,,0.0488281,µV
Ch31=Fp2,,0.0488281,µV
Ch32=AF7,,0.0488281,µV
Ch33=AF3,,0.0488281,µV
Ch34=AFz,,0.0488281,µV
Ch35=F1,,0.0488281,µV
Ch36=F5,,0.0488281,µV
Ch37=FT7,,0.0488281,µV
Ch38=FC3,,0.0488281,µV
Ch39=C1,,0.0488281,µV
Ch40=C5,,0.0488281,µV
Ch41=TP7,,0.0488281,µV
Ch42=CP3,,0.0488281,µV
Ch43=P1,,0.0488281,µV
Ch44=P5,,0.0488281,µV
Ch45=PO7,,0.0488281,µV
Ch46=PO3,,0.0488281,µV
Ch47=FCz,,0.0488281,µV
Ch48=POz,,0.0488281,µV
Ch49=PO4,,0.0488281,µV
Ch50=PO8,,0.0488281,µV
Ch51=P6,,0.0488281,µV
Ch52=P2,,0.0488281,µV
Ch53=CPz,,0.0488281,µV
Ch54=CP4,,0.0488281,µV
Ch55=TP8,,0.0488281,µV
Ch56=C6,,0.0488281,µV
Ch57=C2,,0.0488281,µV
Ch58=FC4,,0.0488281,µV
Ch59=FT8,,0.0488281,µV
Ch60=F6,,0.0488281,µV
Ch61=F2,,0.0488281,µV
Ch62=AF4,,0.0488281,µV
Ch63=AF8,,0.0488281,µV
