BrainVision Data Exchange Header File Version 1.0
; Data created by the BrainVision Recorder

[Common Infos]
Codepage=UTF-8
DataFile=024 REST.eeg
MarkerFile=024 REST.vmrk
DataFormat=BINARY
; Data orientation: MULTIPLEXED=ch1,pt1, ch2,pt1 ...
DataOrientation=MULTIPLEXED
NumberOfChannels=63
; Sampling interval in microseconds
SamplingInterval=2000

[Binary Infos]
BinaryFormat=IEEE_FLOAT_32

[Channel Infos]
; Each entry: Ch<Channel number>=<Name>,<Reference channel name>,
; <Resolution in "Unit">,<Unit>, Future extensions..
; Fields are delimited by commas, some fields might be omitted (empty).
; Commas in channel names are coded as "\1".
Ch1=Fp1,,0.0488281,µV
Ch2=Fz,,0.0488281,µV
Ch3=F3,,0.0488281,µV
Ch4=F7,,0.0488281,µV
Ch5=F9,,0.0488281,µV
Ch6=FC5,,0.0488281,µV
Ch7=FC1,,0.0488281,µV
Ch8=C3,,0.0488281,µV
Ch9=T7,,0.0488281,µV
Ch10=CP5,,0.0488281,µV
Ch11=CP1,,0.0488281,µV
Ch12=Pz,,0.0488281,µV
Ch13=P3,,0.0488281,µV
Ch14=P7,,0.0488281,µV
Ch15=P9,,0.0488281,µV
Ch16=O1,,0.0488281,µV
Ch17=Oz,,0.0488281,µV
Ch18=O2,,0.0488281,µV
Ch19=P10,,0.0488281,µV
Ch20=P8,,0.0488281,µV
Ch21=P4,,0.0488281,µV
Ch22=CP2,,0.0488281,µV
Ch23=CP6,,0.0488281,µV
Ch24=T8,,0.0488281,µV
Ch25=C4,,0.0488281,µV
Ch26=FC2,,0.0488281,µV
Ch27=FC6,,0.0488281,µV
Ch28=F10,,0.0488281,µV
Ch29=F8,,0.0488281,µV
Ch30=F4,,0.0488281,µV
Ch31=Fp2,,0.0488281,µV
Ch32=AF7,,0.0488281,µV
Ch33=AF3,,0.0488281,µV
Ch34=AFz,,0.0488281,µV
Ch35=F1,,0.0488281,µV
Ch36=F5,,0.0488281,µV
Ch37=FT7,,0.0488281,µV
Ch38=FC3,,0.0488281,µV
Ch39=C1,,0.0488281,µV
Ch40=C5,,0.0488281,µV
Ch41=TP7,,0.0488281,µV
Ch42=CP3,,0.0488281,µV
Ch43=P1,,0.0488281,µV
Ch44=P5,,0.0488281,µV
Ch45=PO7,,0.0488281,µV
Ch46=PO3,,0.0488281,µV
Ch47=FCz,,0.0488281,µV
Ch48=POz,,0.0488281,µV
Ch49=PO4,,0.0488281,µV
Ch50=PO8,,0.0488281,µV
Ch51=P6,,0.0488281,µV
Ch52=P2,,0.0488281,µV
Ch53=CPz,,0.0488281,µV
Ch54=CP4,,0.0488281,µV
Ch55=TP8,,0.0488281,µV
Ch56=C6,,0.0488281,µV
Ch57=C2,,0.0488281,µV
Ch58=FC4,,0.0488281,µV
Ch59=FT8,,0.0488281,µV
Ch60=F6,,0.0488281,µV
Ch61=F2,,0.0488281,µV
Ch62=AF4,,0.0488281,µV
Ch63=AF8,,0.0488281,µV

[Comment]

BrainVision Recorder Professional   -   V. 1.25.0101


A m p l i f i e r  S e t u p
============================
Number of channels: 63
Sampling Rate [Hz]: 500
Sampling Interval [µS]: 2000

Channels
--------
#     Name      Phys. Chn.    Resolution / Unit   Low Cutoff [s]   High Cutoff [Hz]   Notch [Hz]    Gradient         Offset
1     Fp1         1          0.0488281 µV             DC              140              Off
2     Fz          2          0.0488281 µV             DC              140              Off
3     F3          3          0.0488281 µV             DC              140              Off
4     F7          4          0.0488281 µV             DC              140              Off
5     F9          5          0.0488281 µV             DC              140              Off
6     FC5         6          0.0488281 µV             DC              140              Off
7     FC1         7          0.0488281 µV             DC              140              Off
8     C3          8          0.0488281 µV             DC              140              Off
9     T7          9          0.0488281 µV             DC              140              Off
10    CP5         10         0.0488281 µV             DC              140              Off
11    CP1         11         0.0488281 µV             DC              140              Off
12    Pz          12         0.0488281 µV             DC              140              Off
13    P3          13         0.0488281 µV             DC              140              Off
14    P7          14         0.0488281 µV             DC              140              Off
15    P9          15         0.0488281 µV             DC              140              Off
16    O1          16         0.0488281 µV             DC              140              Off
17    Oz          17         0.0488281 µV             DC              140              Off
18    O2          18         0.0488281 µV             DC              140              Off
19    P10         19         0.0488281 µV             DC              140              Off
20    P8          20         0.0488281 µV             DC              140              Off
21    P4          21         0.0488281 µV             DC              140              Off
22    CP2         22         0.0488281 µV             DC              140              Off
23    CP6         23         0.0488281 µV             DC              140              Off
24    T8          24         0.0488281 µV             DC              140              Off
25    C4          25         0.0488281 µV             DC              140              Off
26    FC2         27         0.0488281 µV             DC              140              Off
27    FC6         28         0.0488281 µV             DC              140              Off
28    F10         29         0.0488281 µV             DC              140              Off
29    F8          30         0.0488281 µV             DC              140              Off
30    F4          31         0.0488281 µV             DC              140              Off
31    Fp2         32         0.0488281 µV             DC              140              Off
32    AF7         33         0.0488281 µV             DC              140              Off
33    AF3         34         0.0488281 µV             DC              140              Off
34    AFz         35         0.0488281 µV             DC              140              Off
35    F1          36         0.0488281 µV             DC              140              Off
36    F5          37         0.0488281 µV             DC              140              Off
37    FT7         38         0.0488281 µV             DC              140              Off
38    FC3         39         0.0488281 µV             DC              140              Off
39    C1          40         0.0488281 µV             DC              140              Off
40    C5          41         0.0488281 µV             DC              140              Off
41    TP7         42         0.0488281 µV             DC              140              Off
42    CP3         43         0.0488281 µV             DC              140              Off
43    P1          44         0.0488281 µV             DC              140              Off
44    P5          45         0.0488281 µV             DC              140              Off
45    PO7         46         0.0488281 µV             DC              140              Off
46    PO3         47         0.0488281 µV             DC              140              Off
47    FCz         48         0.0488281 µV             DC              140              Off
48    POz         49         0.0488281 µV             DC              140              Off
49    PO4         50         0.0488281 µV             DC              140              Off
50    PO8         51         0.0488281 µV             DC              140              Off
51    P6          52         0.0488281 µV             DC              140              Off
52    P2          53         0.0488281 µV             DC              140              Off
53    CPz         54         0.0488281 µV             DC              140              Off
54    CP4         55         0.0488281 µV             DC              140              Off
55    TP8         56         0.0488281 µV             DC              140              Off
56    C6          57         0.0488281 µV             DC              140              Off
57    C2          58         0.0488281 µV             DC              140              Off
58    FC4         59         0.0488281 µV             DC              140              Off
59    FT8         60         0.0488281 µV             DC              140              Off
60    F6          61         0.0488281 µV             DC              140              Off
61    F2          62         0.0488281 µV             DC              140              Off
62    AF4         63         0.0488281 µV             DC              140              Off
63    AF8         64         0.0488281 µV             DC              140              Off

Reference Channel Name = Cz
Reference Phys. Chn.   = 26
Use active/dry Electrodes = No 
MY-Button Workspace    = C:\Vision\Workfiles\MYButton

Amplifier 
actiCHamp Base Unit (5002) 
  --- S/N 22110947 --- 
actiCHamp 32 CH Module
  --- Module 1 (5011): S/N 22111804 ---
  --- Module 2 (5011): S/N 22111805 ---
Version: DLL_27.18.06.25, DRV_03.04.01.146, CTRL_104.18.06.25, FPGA_67.00.00.00, DSP_105.19.02.27 


S o f t w a r e  F i l t e r s
==============================
Disabled


Data/Gnd Electrodes Selected Impedance Measurement Range: 0 - 50 kOhm
Impedance [kOhm] at 10:27:19 :
Fp1:          5
Fz:           9
F3:          24
F7:           8
F9:           3
FC5:         10
FC1:         23
C3:           8
T7:           7
CP5:         14
CP1:         18
Pz:          34
P3:           8
P7:          11
P9:          14
O1:          10
Oz:          31
O2:          20
P10:         19
P8:          25
P4:          23
CP2:         40
CP6:         18
T8:           4
C4:          11
Cz:           7
FC2:         10
FC6:          4
F10:          7
F8:          15
F4:           7
Fp2:          5
AF7:         11
AF3:         11
AFz:          9
F1:          12
F5:          11
FT7:         21
FC3:         15
C1:          13
C5:           7
TP7:          9
CP3:          9
P1:          13
P5:          11
PO7:          8
PO3:          8
FCz:          8
POz:         38
PO4:         19
PO8:         12
P6:          19
P2:          25
CPz:         35
CP4:         17
TP8:         14
C6:           9
C2:          21
FC4:          5
FT8:          8
F6:           7
F2:           9
AF4:          7
AF8:         11
Gnd:          5
