BrainVision Data Exchange Header File Version 1.0
; Data created by the BrainVision Recorder

[Common Infos]
Codepage=UTF-8
DataFile=006 REST.eeg
MarkerFile=006 REST.vmrk
DataFormat=BINARY
; Data orientation: MULTIPLEXED=ch1,pt1, ch2,pt1 ...
DataOrientation=MULTIPLEXED
NumberOfChannels=63
; Sampling interval in microseconds
SamplingInterval=1000

[Binary Infos]
BinaryFormat=IEEE_FLOAT_32

[Channel Infos]
; Each entry: Ch<Channel number>=<Name>,<Reference channel name>,
; <Resolution in "Unit">,<Unit>, Future extensions..
; Fields are delimited by commas, some fields might be omitted (empty).
; Commas in channel names are coded as "\1".
Ch1=Fp1,,0.0488281,µV
Ch2=F3,,0.0488281,µV
Ch3=F7,,0.0488281,µV
Ch4=F9,,0.0488281,µV
Ch5=FC5,,0.0488281,µV
Ch6=FC1,,0.0488281,µV
Ch7=C3,,0.0488281,µV
Ch8=T7,,0.0488281,µV
Ch9=CP5,,0.0488281,µV
Ch10=CP1,,0.0488281,µV
Ch11=Pz,,0.0488281,µV
Ch12=P3,,0.0488281,µV
Ch13=P7,,0.0488281,µV
Ch14=P9,,0.0488281,µV
Ch15=O1,,0.0488281,µV
Ch16=Oz,,0.0488281,µV
Ch17=O2,,0.0488281,µV
Ch18=P10,,0.0488281,µV
Ch19=P8,,0.0488281,µV
Ch20=P4,,0.0488281,µV
Ch21=CP2,,0.0488281,µV
Ch22=CP6,,0.0488281,µV
Ch23=T8,,0.0488281,µV
Ch24=C4,,0.0488281,µV
Ch25=Cz,,0.0488281,µV
Ch26=FC2,,0.0488281,µV
Ch27=FC6,,0.0488281,µV
Ch28=F10,,0.0488281,µV
Ch29=F8,,0.0488281,µV
Ch30=F4,,0.0488281,µV
Ch31=Fp2,,0.0488281,µV
Ch32=AF7,,0.0488281,µV
Ch33=AF3,,0.0488281,µV
Ch34=AFz,,0.0488281,µV
Ch35=F1,,0.0488281,µV
Ch36=F5,,0.0488281,µV
Ch37=FT7,,0.0488281,µV
Ch38=FC3,,0.0488281,µV
Ch39=C1,,0.0488281,µV
Ch40=C5,,0.0488281,µV
Ch41=TP7,,0.0488281,µV
Ch42=CP3,,0.0488281,µV
Ch43=P1,,0.0488281,µV
Ch44=P5,,0.0488281,µV
Ch45=PO7,,0.0488281,µV
Ch46=PO3,,0.0488281,µV
Ch47=FCz,,0.0488281,µV
Ch48=POz,,0.0488281,µV
Ch49=PO4,,0.0488281,µV
Ch50=PO8,,0.0488281,µV
Ch51=P6,,0.0488281,µV
Ch52=P2,,0.0488281,µV
Ch53=CPz,,0.0488281,µV
Ch54=CP4,,0.0488281,µV
Ch55=TP8,,0.0488281,µV
Ch56=C6,,0.0488281,µV
Ch57=C2,,0.0488281,µV
Ch58=FC4,,0.0488281,µV
Ch59=FT8,,0.0488281,µV
Ch60=F6,,0.0488281,µV
Ch61=F2,,0.0488281,µV
Ch62=AF4,,0.0488281,µV
Ch63=AF8,,0.0488281,µV

[Coordinates]
; Electrode Position File: C:\Vision\Workfiles\RNPA-AP-64.bvef
Ch1=1,-90,-72
Ch2=1,-60,-51
Ch3=1,-90,-36
Ch4=1,-113,-36
Ch5=1,-69,-21
Ch6=1,-31,-46
Ch7=1,-45,0
Ch8=1,-90,0
Ch9=1,-69,21
Ch10=1,-31,46
Ch11=1,45,-90
Ch12=1,-60,51
Ch13=1,-90,36
Ch14=1,-113,36
Ch15=1,-90,72
Ch16=1,90,-90
Ch17=1,90,-72
Ch18=1,113,-36
Ch19=1,90,-36
Ch20=1,60,-51
Ch21=1,31,-46
Ch22=1,69,-21
Ch23=1,90,0
Ch24=1,45,0
Ch25=1,0,0
Ch26=1,31,46
Ch27=1,69,21
Ch28=1,113,36
Ch29=1,90,36
Ch30=1,60,51
Ch31=1,90,72
Ch32=1,-90,-54
Ch33=1,-74,-68
Ch34=1,67,90
Ch35=1,-49,-68
Ch36=1,-74,-41
Ch37=1,-90,-18
Ch38=1,-49,-29
Ch39=1,-23,0
Ch40=1,-68,0
Ch41=1,-90,18
Ch42=1,-49,29
Ch43=1,-49,68
Ch44=1,-74,41
Ch45=1,-90,54
Ch46=1,-74,68
Ch47=1,21,90
Ch48=1,67,-90
Ch49=1,74,-68
Ch50=1,90,-54
Ch51=1,74,-41
Ch52=1,49,-68
Ch53=1,22,-90
Ch54=1,49,-29
Ch55=1,90,-18
Ch56=1,68,0
Ch57=1,23,0
Ch58=1,49,29
Ch59=1,90,18
Ch60=1,74,41
Ch61=1,49,68
Ch62=1,74,68
Ch63=1,90,54
